FRAMEWORK: NET461
NUGET
  remote: https://www.nuget.org/api/v2
    libjpeg (9.2.0.1)
      libjpeg.redist (>= 9.2.0.1)
    libjpeg.redist (9.2.0.1)
    libpng (1.6.25.1)
      libpng.redist (>= 1.6.25.1)
      zlib (>= 1.2.8.8)
    libpng.redist (1.6.25.1)
    libtiff (4.0.6.2)
      libjpeg (>= 9.0.1.4)
      libtiff.redist (>= 4.0.6.2)
      zlib (>= 1.2.8.8)
    libtiff.redist (4.0.6.2)
    SDL (1.2.15.16)
      SDL.redist (>= 1.2.15.16)
    SDL.redist (1.2.15.16)
    SDL_image (1.2.12.3)
      libjpeg (>= 9.0.1.4)
      libpng (>= 1.6.19.1)
      libtiff (>= 4.0.6.2)
      SDL (>= 1.2.15.16)
      SDL_image.redist (>= 1.2.12.3)
      zlib (>= 1.2.8.8)
    SDL_image.redist (1.2.12.3)
    sdl2 (2.0.3)
      sdl2.redist (>= 2.0.3)
    sdl2.redist (2.0.3)
    xunit (2.1)
      xunit.assert (2.1)
      xunit.core (2.1)
    xunit.abstractions (2.0)
    xunit.assert (2.1)
    xunit.core (2.1)
      xunit.extensibility.core (2.1)
      xunit.extensibility.execution (2.1)
    xunit.extensibility.core (2.1)
      xunit.abstractions (2.0)
    xunit.extensibility.execution (2.1)
      xunit.extensibility.core (2.1)
    zlib (1.2.8.8)
